GEM
  remote: https://rubygems.org/
  specs:
    net-ldap (0.6.1)
    rack (1.5.2)
    rack-protection (1.5.3)
      rack
    rack_csrf (2.4.0)
      rack (>= 0.9)
    sinatra (1.4.5)
      rack (~> 1.4)
      rack-protection (~> 1.4)
      tilt (~> 1.3, >= 1.3.4)
    sinatra_warden (0.3.2)
      sinatra (>= 1.0.0)
      warden (~> 1.0)
    tilt (1.4.1)
    warden (1.2.3)
      rack (>= 1.0)

PLATFORMS
  ruby

DEPENDENCIES
  net-ldap
  rack-protection
  rack_csrf
  sinatra
  sinatra_warden
